GEM
  remote: https://rubygems.org/
  specs:
    colorize (0.8.1)
    exifr (1.3.6)
    fileutils (1.4.1)

PLATFORMS
  ruby

DEPENDENCIES
  colorize (~> 0.8.1)
  exifr (~> 1.3.6)
  fileutils (~> 1.4.1)

RUBY VERSION
   ruby 2.6.5p114

BUNDLED WITH
   2.1.4
